GIT
  remote: git://github.com/AgilionApps/quiet_assets.git
  revision: c42e29264a61a5431cc09282df597242c003ebe6
  specs:
    quiet_assets (0.0.1)

GIT
  remote: git://github.com/lidaobing/douban-ruby.git
  revision: b95370a262521834d0e9b6c33725039c3ad3a33a
  specs:
    douban-ruby (0.0.10)
      activesupport
      oauth

GIT
  remote: git://github.com/reducm/omniauth-douban.git
  revision: 0df8c3be884ef60dad0d6f4f18057403000f7db3
  specs:
    omniauth-douban (1.0.0.rc2)
      multi_json
      omniauth (~> 1.1.0)
      omniauth-oauth (~> 1.0.1)

GIT
  remote: https://github.com/acenqiu/weibo2.git
  revision: 3eb07f64139a87bcfb8926a04fe054f6fa6806b2
  specs:
    weibo2 (0.1.0)
      oauth2 (~> 0.5.1)

GIT
  remote: https://github.com/arunagw/omniauth-twitter.git
  revision: ff2546a45817c7ff1c3cdedbc13b44fc8891820f
  specs:
    omniauth-twitter (1.0.0)
      multi_json (~> 1.3)
      omniauth-oauth (~> 1.0)

GIT
  remote: https://github.com/plataformatec/simple_form.git
  revision: 3ea3226e2f5eb83c6723639fc10480a721347f7e
  specs:
    simple_form (3.0.0.rc)
      actionpack (>= 4.0.0, < 4.1)
      activemodel (>= 4.0.0, < 4.1)

GIT
  remote: https://github.com/rails/sass-rails.git
  revision: 31f756f208ee71af935454ab4dfb34786d15e891
  specs:
    sass-rails (4.0.0)
      railties (>= 4.0.0, < 5.0)
      sass (>= 3.1.10)
      sprockets-rails (~> 2.0.0)

GIT
  remote: https://github.com/sporkrb/spork-rails.git
  revision: 3224f84d8c31fcb0894e9a43f6c3ac67e3aa0d71
  specs:
    spork-rails (3.2.1)
      rails (>= 3.0.0, < 5)
      spork (>= 1.0rc0)

GIT
  remote: https://github.com/tenderlove/rails_autolink.git
  revision: cb1b84bce3b72e74fc810f713e8f411dc98b486d
  specs:
    rails_autolink (1.1.0)
      rails (> 3.1)

GEM
  remote: http://ruby.taobao.org/
  specs:
    actionmailer (4.0.0)
      actionpack (= 4.0.0)
      mail (~> 2.5.3)
    actionpack (4.0.0)
      activesupport (= 4.0.0)
      builder (~> 3.1.0)
      erubis (~> 2.7.0)
      rack (~> 1.5.2)
      rack-test (~> 0.6.2)
    activemodel (4.0.0)
      activesupport (= 4.0.0)
      builder (~> 3.1.0)
    activerecord (4.0.0)
      activemodel (= 4.0.0)
      activerecord-deprecated_finders (~> 1.0.2)
      activesupport (= 4.0.0)
      arel (~> 4.0.0)
    activerecord-deprecated_finders (1.0.3)
    activesupport (4.0.0)
      i18n (~> 0.6, >= 0.6.4)
      minitest (~> 4.2)
      multi_json (~> 1.3)
      thread_safe (~> 0.1)
      tzinfo (~> 0.3.37)
    addressable (2.3.5)
    arel (4.0.0)
    atomic (1.1.10)
    awesome_print (1.1.0)
    bootstrap-sass-rails (2.3.2.0)
      railties (>= 3.1.0)
      sass-rails (>= 3.1.0)
    bourbon (3.1.8)
      sass (>= 3.2.0)
      thor
    builder (3.1.4)
    capistrano (2.15.5)
      highline
      net-scp (>= 1.0.0)
      net-sftp (>= 2.0.0)
      net-ssh (>= 2.0.14)
      net-ssh-gateway (>= 1.1.0)
    capistrano-ext (1.2.1)
      capistrano (>= 1.0.0)
    capybara (2.1.0)
      mime-types (>= 1.16)
      nokogiri (>= 1.3.3)
      rack (>= 1.0.0)
      rack-test (>= 0.5.4)
      xpath (~> 2.0)
    carrierwave (0.9.0)
      activemodel (>= 3.2.0)
      activesupport (>= 3.2.0)
      json (>= 1.7)
    childprocess (0.3.9)
      ffi (~> 1.0, >= 1.0.11)
    chronic (0.9.1)
    chunky_png (1.2.8)
    coderay (1.0.9)
    coffee-rails (4.0.0)
      coffee-script (>= 2.2.0)
      railties (>= 4.0.0.beta, < 5.0)
    coffee-script (2.2.0)
      coffee-script-source
      execjs
    coffee-script-source (1.6.3)
    daemons (1.1.9)
    database_cleaner (1.0.1)
    diff-lcs (1.2.4)
    eco (1.0.0)
      coffee-script
      eco-source
      execjs
    eco-source (1.1.0.rc.1)
    em-websocket (0.5.0)
      eventmachine (>= 0.12.9)
      http_parser.rb (~> 0.5.3)
    erubis (2.7.0)
    eventmachine (1.0.3)
    execjs (1.4.0)
      multi_json (~> 1.0)
    factory_girl (4.2.0)
      activesupport (>= 3.0.0)
    factory_girl_rails (4.2.1)
      factory_girl (~> 4.2.0)
      railties (>= 3.0.0)
    faraday (0.8.7)
      multipart-post (~> 1.1)
    ffi (1.9.0)
    font-awesome-sass-rails (3.0.2.2)
      railties (>= 3.1.1)
      sass-rails (>= 3.1.1)
    formatador (0.2.4)
    growl_notify (0.0.3)
      rb-appscript
    guard (1.8.1)
      formatador (>= 0.2.4)
      listen (>= 1.0.0)
      lumberjack (>= 1.0.2)
      pry (>= 0.9.10)
      thor (>= 0.14.6)
    guard-livereload (1.4.0)
      em-websocket (>= 0.5.0)
      guard (>= 1.8.0)
      multi_json (~> 1.7)
    guard-rspec (3.0.2)
      guard (>= 1.8)
      rspec (~> 2.13)
    guard-spork (1.5.1)
      childprocess (>= 0.2.3)
      guard (>= 1.1)
      spork (>= 0.8.4)
    hashie (2.0.5)
    highline (1.6.19)
    hike (1.2.3)
    http_parser.rb (0.5.3)
    i18n (0.6.4)
    jquery-rails (3.0.2)
      railties (>= 3.0, < 5.0)
      thor (>= 0.14, < 2.0)
    json (1.8.0)
    json2-rails (1.0.0)
    kaminari (0.14.1)
      actionpack (>= 3.0.0)
      activesupport (>= 3.0.0)
    koala (1.6.0)
      addressable (~> 2.2)
      faraday (~> 0.8)
      multi_json (~> 1.3)
    listen (1.2.2)
      rb-fsevent (>= 0.9.3)
      rb-inotify (>= 0.9)
      rb-kqueue (>= 0.2)
    lumberjack (1.0.4)
    mail (2.5.4)
      mime-types (~> 1.16)
      treetop (~> 1.4.8)
    method_source (0.8.1)
    mime-types (1.23)
    mini_portile (0.5.1)
    minitest (4.7.5)
    multi_json (1.7.7)
    multipart-post (1.2.0)
    mysql2 (0.3.11)
    net-scp (1.1.2)
      net-ssh (>= 2.6.5)
    net-sftp (2.1.2)
      net-ssh (>= 2.6.5)
    net-ssh (2.6.8)
    net-ssh-gateway (1.2.0)
      net-ssh (>= 2.6.5)
    nokogiri (1.6.0)
      mini_portile (~> 0.5.0)
    oauth (0.4.7)
    oauth2 (0.5.2)
      faraday (~> 0.7)
      multi_json (~> 1.0)
    omniauth (1.1.4)
      hashie (>= 1.2, < 3)
      rack
    omniauth-facebook (1.2.0)
      omniauth-oauth2 (~> 1.0.0)
    omniauth-github (1.0.1)
      omniauth (~> 1.0)
      omniauth-oauth2 (~> 1.0)
    omniauth-oauth (1.0.1)
      oauth
      omniauth (~> 1.0)
    omniauth-oauth2 (1.0.0)
      oauth2 (~> 0.5.0)
      omniauth (~> 1.0)
    omniauth-weibo-oauth2 (0.3.0)
      omniauth (~> 1.0)
      omniauth-oauth2 (~> 1.0)
    polyglot (0.3.3)
    posix-spawn (0.3.6)
    pry (0.9.12.2)
      coderay (~> 1.0.5)
      method_source (~> 0.8)
      slop (~> 3.4)
    pry-nav (0.2.3)
      pry (~> 0.9.10)
    pry-rails (0.3.1)
      pry (>= 0.9.10)
    pygments.rb (0.5.1)
      posix-spawn (~> 0.3.6)
      yajl-ruby (~> 1.1.0)
    rack (1.5.2)
    rack-livereload (0.3.15)
      rack
    rack-test (0.6.2)
      rack (>= 1.0)
    rails (4.0.0)
      actionmailer (= 4.0.0)
      actionpack (= 4.0.0)
      activerecord (= 4.0.0)
      activesupport (= 4.0.0)
      bundler (>= 1.3.0, < 2.0)
      railties (= 4.0.0)
      sprockets-rails (~> 2.0.0)
    railties (4.0.0)
      actionpack (= 4.0.0)
      activesupport (= 4.0.0)
      rake (>= 0.8.7)
      thor (>= 0.18.1, < 2.0)
    rake (10.1.0)
    rb-appscript (0.6.1)
    rb-fsevent (0.9.3)
    rb-inotify (0.9.0)
      ffi (>= 0.5.0)
    rb-kqueue (0.2.0)
      ffi (>= 0.5.0)
    redcarpet (2.2.2)
    redis (3.0.4)
    redis-objects (0.7.0)
      redis (>= 3.0.2)
    rmagick (2.13.2)
    rspec (2.14.0)
      rspec-core (~> 2.14.0)
      rspec-expectations (~> 2.14.0)
      rspec-mocks (~> 2.14.0)
    rspec-core (2.14.0)
    rspec-expectations (2.14.0)
      diff-lcs (>= 1.1.3, < 2.0)
    rspec-mocks (2.14.1)
    rspec-rails (2.14.0)
      actionpack (>= 3.0)
      activesupport (>= 3.0)
      railties (>= 3.0)
      rspec-core (~> 2.14.0)
      rspec-expectations (~> 2.14.0)
      rspec-mocks (~> 2.14.0)
    rvm-capistrano (1.3.4)
      capistrano (>= 2.0.0)
    sass (3.2.9)
    shoulda-matchers (2.2.0)
      activesupport (>= 3.0.0)
    simple_oauth (0.2.0)
    slop (3.4.5)
    social-share-button (0.1.4)
    spine-rails (0.1.1)
      json2-rails (>= 0.0.2)
      rails (>= 3.1.0)
    spork (1.0.0rc3)
    sprite-factory (1.5.3)
    sprockets (2.10.0)
      hike (~> 1.2)
      multi_json (~> 1.0)
      rack (~> 1.0)
      tilt (~> 1.1, != 1.3.0)
    sprockets-rails (2.0.0)
      actionpack (>= 3.0)
      activesupport (>= 3.0)
      sprockets (~> 2.8)
    thin (1.5.1)
      daemons (>= 1.0.9)
      eventmachine (>= 0.12.6)
      rack (>= 1.0.0)
    thor (0.18.1)
    thread_safe (0.1.0)
      atomic
    tilt (1.4.1)
    treetop (1.4.14)
      polyglot
      polyglot (>= 0.3.1)
    turbo-sprockets-rails3 (0.2.9)
      railties (>= 3.1.0)
      sprockets (>= 2.0.0)
    twitter (4.8.1)
      faraday (~> 0.8, < 0.10)
      multi_json (~> 1.0)
      simple_oauth (~> 0.2)
    tzinfo (0.3.37)
    uglifier (2.1.1)
      execjs (>= 0.3.0)
      multi_json (~> 1.0, >= 1.0.2)
    whenever (0.8.2)
      activesupport (>= 2.3.4)
      chronic (>= 0.6.3)
    xpath (2.0.0)
      nokogiri (~> 1.3)
    yajl-ruby (1.1.0)

PLATFORMS
  ruby

DEPENDENCIES
  awesome_print
  bootstrap-sass-rails
  bourbon
  capistrano
  capistrano-ext
  capybara
  carrierwave
  chunky_png
  coffee-rails (>= 3.2)
  database_cleaner
  douban-ruby!
  eco
  factory_girl_rails (~> 4.0)
  font-awesome-sass-rails
  growl_notify
  guard-livereload
  guard-rspec
  guard-spork
  jquery-rails
  kaminari
  koala
  mime-types
  mysql2
  omniauth (~> 1.1.0)
  omniauth-douban!
  omniauth-facebook
  omniauth-github
  omniauth-oauth2
  omniauth-twitter!
  omniauth-weibo-oauth2
  pry-nav
  pry-rails
  pygments.rb
  quiet_assets!
  rack-livereload
  rails (= 4.0.0)
  rails_autolink!
  railties
  rb-fsevent
  redcarpet (~> 2.2.2)
  redis-objects
  rmagick
  rspec-rails
  rvm-capistrano
  sass-rails!
  shoulda-matchers
  simple_form!
  social-share-button
  spine-rails
  spork-rails!
  sprite-factory
  thin
  turbo-sprockets-rails3
  twitter
  uglifier (>= 1.0.3)
  weibo2!
  whenever
